PATH
  remote: .
  specs:
    daily_scraper (0.1.0)
      httpclient (~> 2.8)

GEM
  remote: https://rubygems.org/
  specs:
    diff-lcs (1.3)
    httpclient (2.8.3)
    rake (10.5.0)
    rspec (3.6.0)
      rspec-core (~> 3.6.0)
      rspec-expectations (~> 3.6.0)
      rspec-mocks (~> 3.6.0)
    rspec-core (3.6.0)
      rspec-support (~> 3.6.0)
    rspec-expectations (3.6.0)
      diff-lcs (>= 1.2.0, < 2.0)
      rspec-support (~> 3.6.0)
    rspec-mocks (3.6.0)
      diff-lcs (>= 1.2.0, < 2.0)
      rspec-support (~> 3.6.0)
    rspec-support (3.6.0)

PLATFORMS
  ruby

DEPENDENCIES
  bundler (~> 1.14)
  daily_scraper!
  rake (~> 10.0)
  rspec (~> 3.0)

BUNDLED WITH
   1.14.6
